PATH
  remote: .
  specs:
    apollo (0.0.2)
      connection_pool
      faraday
      faraday_middleware
      json
      rubysl-ostruct
      typhoeus

GEM
  remote: https://rubygems.org/
  specs:
    awesome_print (1.9.2)
    coderay (1.1.3)
    connection_pool (2.3.0)
    diff-lcs (1.5.0)
    ethon (0.15.0)
      ffi (>= 1.15.0)
    faraday (1.10.2)
      faraday-em_http (~> 1.0)
      faraday-em_synchrony (~> 1.0)
      faraday-excon (~> 1.1)
      faraday-httpclient (~> 1.0)
      faraday-multipart (~> 1.0)
      faraday-net_http (~> 1.0)
      faraday-net_http_persistent (~> 1.0)
      faraday-patron (~> 1.0)
      faraday-rack (~> 1.0)
      faraday-retry (~> 1.0)
      ruby2_keywords (>= 0.0.4)
    faraday-em_http (1.0.0)
    faraday-em_synchrony (1.0.0)
    faraday-excon (1.1.0)
    faraday-httpclient (1.0.1)
    faraday-multipart (1.0.4)
      multipart-post (~> 2)
    faraday-net_http (1.0.1)
    faraday-net_http_persistent (1.2.0)
    faraday-patron (1.0.0)
    faraday-rack (1.0.0)
    faraday-retry (1.0.3)
    faraday_middleware (1.2.0)
      faraday (~> 1.0)
    ffi (1.15.5)
    json (2.6.2)
    method_source (1.0.0)
    multipart-post (2.2.3)
    pry (0.14.1)
      coderay (~> 1.1)
      method_source (~> 1.0)
    rake (10.5.0)
    rspec (3.11.0)
      rspec-core (~> 3.11.0)
      rspec-expectations (~> 3.11.0)
      rspec-mocks (~> 3.11.0)
    rspec-core (3.11.0)
      rspec-support (~> 3.11.0)
    rspec-expectations (3.11.1)
      diff-lcs (>= 1.2.0, < 2.0)
      rspec-support (~> 3.11.0)
    rspec-mocks (3.11.1)
      diff-lcs (>= 1.2.0, < 2.0)
      rspec-support (~> 3.11.0)
    rspec-support (3.11.1)
    ruby2_keywords (0.0.5)
    rubysl-ostruct (2.1.0)
    typhoeus (1.4.0)
      ethon (>= 0.9.0)
    uuidtools (2.2.0)

PLATFORMS
  ruby

DEPENDENCIES
  apollo!
  awesome_print
  bundler (~> 1.10)
  pry
  rake (~> 10.0)
  rspec
  uuidtools

BUNDLED WITH
   1.17.3
